GEM
  remote: https://gems.ruby-china.org/
  specs:
    chronic (0.10.2)
    excon (0.49.0)
    mini_portile2 (2.0.0)
    nokogiri (1.6.7.2)
      mini_portile2 (~> 2.0.0.rc2)
    oneapm_ci (0.0.1)
    redis (3.3.0)
    whenever (0.9.4)
      chronic (>= 0.6.3)

PLATFORMS
  ruby

DEPENDENCIES
  excon
  nokogiri
  oneapm_ci (= 0.0.1)
  redis
  whenever
